GEM
  remote: https://rubygems.org/
  specs:
    faraday (2.9.0)
      faraday-net_http (>= 2.0, < 3.2)
    faraday-net_http (3.1.0)
      net-http
    fuzzy_match (2.1.0)
    net-http (0.3.2)
      uri
    uri (0.12.0)

PLATFORMS
  arm64-darwin-22

DEPENDENCIES
  faraday
  fuzzy_match

BUNDLED WITH
   2.4.1
